PATH
  remote: .
  specs:
    mtg-card-finder (0.1.4)
      mechanize (~> 2.7.5)
      nokogiri (~> 1.10.1)
      rubysl-fileutils (~> 2.0.3)
      rubysl-open-uri (~> 2.0)
      sqlite3 (~> 1.3.13)
      tco (~> 0.1.8)

GEM
  remote: https://rubygems.org/
  specs:
    coderay (1.1.2)
    connection_pool (2.2.2)
    domain_name (0.5.20180417)
      unf (>= 0.0.5, < 1.0.0)
    http-cookie (1.0.3)
      domain_name (~> 0.5)
    mechanize (2.7.6)
      domain_name (~> 0.5, >= 0.5.1)
      http-cookie (~> 1.0)
      mime-types (>= 1.17.2)
      net-http-digest_auth (~> 1.1, >= 1.1.1)
      net-http-persistent (>= 2.5.2)
      nokogiri (~> 1.6)
      ntlm-http (~> 0.1, >= 0.1.1)
      webrobots (>= 0.0.9, < 0.2)
    method_source (0.8.2)
    mime-types (3.2.2)
      mime-types-data (~> 3.2015)
    mime-types-data (3.2018.0812)
    mini_portile2 (2.4.0)
    net-http-digest_auth (1.4.1)
    net-http-persistent (3.0.0)
      connection_pool (~> 2.2)
    nokogiri (1.10.1)
      mini_portile2 (~> 2.4.0)
    ntlm-http (0.1.1)
    pry (0.10.4)
      coderay (~> 1.1.0)
      method_source (~> 0.8.1)
      slop (~> 3.4)
    rake (12.3.2)
    rubysl-fileutils (2.0.3)
    rubysl-open-uri (2.0.0)
    slop (3.6.0)
    sqlite3 (1.3.13)
    tco (0.1.8)
    unf (0.1.4)
      unf_ext
    unf_ext (0.0.7.5)
    webrobots (0.1.2)

PLATFORMS
  ruby

DEPENDENCIES
  bundler (~> 2.0.1)
  mtg-card-finder!
  pry (~> 0.10.4)
  rake (~> 12.0)

BUNDLED WITH
   2.0.1
